GEM
  remote: http://rubygems.org/
  specs:
    addressable (2.3.2)
    bourne (1.3.0)
      mocha (= 0.13.0)
    crack (0.3.2)
    diff-lcs (1.1.3)
    httparty (0.10.0)
      multi_json (~> 1.0)
      multi_xml
    json (1.7.6)
    json-schema (1.1.1)
    metaclass (0.0.1)
    mocha (0.13.0)
      metaclass (~> 0.0.1)
    multi_json (1.5.0)
    multi_xml (0.5.2)
    rake (10.0.3)
    rspec (2.12.0)
      rspec-core (~> 2.12.0)
      rspec-expectations (~> 2.12.0)
      rspec-mocks (~> 2.12.0)
    rspec-core (2.12.2)
    rspec-expectations (2.12.1)
      diff-lcs (~> 1.1.3)
    rspec-mocks (2.12.1)
    webmock (1.9.0)
      addressable (>= 2.2.7)
      crack (>= 0.1.7)

PLATFORMS
  ruby

DEPENDENCIES
  bourne
  httparty
  json
  json-schema
  mocha
  rake
  rspec
  webmock
